GEM
  remote: https://rubygems.org/
  specs:
    addressable (2.5.0)
      public_suffix (~> 2.0, >= 2.0.2)
    capybara (2.10.1)
      addressable
      mime-types (>= 1.16)
      nokogiri (>= 1.3.3)
      rack (>= 1.0.0)
      rack-test (>= 0.5.4)
      xpath (~> 2.0)
    dotenv (2.1.1)
    hanami (0.7.2)
      bundler (~> 1.6)
      dotenv (~> 2.0)
      hanami-assets (~> 0.2)
      hanami-controller (~> 0.6)
      hanami-helpers (~> 0.3)
      hanami-mailer (~> 0.2)
      hanami-router (~> 0.6)
      hanami-utils (~> 0.7)
      hanami-view (~> 0.6)
      shotgun (~> 0.9)
      thor (~> 0.19)
    hanami-assets (0.3.0)
      hanami-helpers (~> 0.4)
      hanami-utils (~> 0.8)
      tilt (~> 2.0, >= 2.0.2)
    hanami-controller (0.7.1)
      hanami-utils (~> 0.8)
      rack (~> 1.6, >= 1.6.2)
    hanami-helpers (0.4.0)
      hanami-utils (~> 0.8)
    hanami-mailer (0.3.0)
      hanami-utils (~> 0.8)
      mail (~> 2.5)
      tilt (~> 2.0, >= 2.0.1)
    hanami-model (0.6.1)
      hanami-utils (~> 0.7)
      sequel (~> 4.9)
    hanami-router (0.7.0)
      hanami-utils (~> 0.8)
      http_router (~> 0.11)
      rack (~> 1.6)
    hanami-utils (0.8.0)
    hanami-view (0.7.0)
      hanami-utils (~> 0.8)
      tilt (~> 2.0, >= 2.0.1)
    http_router (0.11.2)
      rack (>= 1.0.0)
      url_mount (~> 0.2.1)
    mail (2.6.4)
      mime-types (>= 1.16, < 4)
    mime-types (3.1)
      mime-types-data (~> 3.2015)
    mime-types-data (3.2016.0521)
    mini_portile2 (2.0.0)
    minitest (5.9.1)
    nokogiri (1.6.7.2)
      mini_portile2 (~> 2.0.0.rc2)
    pg (0.19.0)
    public_suffix (2.0.4)
    rack (1.6.4)
    rack-test (0.6.3)
      rack (>= 1.0)
    rake (11.3.0)
    sequel (4.40.0)
    shotgun (0.9.2)
      rack (>= 1.0)
    thor (0.19.1)
    tilt (2.0.5)
    url_mount (0.2.1)
      rack
    xpath (2.0.0)
      nokogiri (~> 1.3)

PLATFORMS
  ruby

DEPENDENCIES
  bundler
  capybara
  hanami (= 0.7.2)
  hanami-model (~> 0.5)
  minitest
  nokogiri (= 1.6.7.2)
  pg
  rake

BUNDLED WITH
   1.13.6
